GEM
  remote: https://rubygems.org/
  specs:
    RedCloth (4.2.9)
    actionmailer (3.2.13)
      actionpack (= 3.2.13)
      mail (~> 2.5.3)
    actionmailer-with-request (0.3.0)
      rails (>= 3)
    actionpack (3.2.13)
      activemodel (= 3.2.13)
      activesupport (= 3.2.13)
      builder (~> 3.0.0)
      erubis (~> 2.7.0)
      journey (~> 1.0.4)
      rack (~> 1.4.5)
      rack-cache (~> 1.2)
      rack-test (~> 0.6.1)
      sprockets (~> 2.2.1)
    activemodel (3.2.13)
      activesupport (= 3.2.13)
      builder (~> 3.0.0)
    activerecord (3.2.13)
      activemodel (= 3.2.13)
      activesupport (= 3.2.13)
      arel (~> 3.0.2)
      tzinfo (~> 0.3.29)
    activeresource (3.2.13)
      activemodel (= 3.2.13)
      activesupport (= 3.2.13)
    activesupport (3.2.13)
      i18n (= 0.6.1)
      multi_json (~> 1.0)
    arel (3.0.2)
    bcrypt-ruby (3.0.1)
    bson (1.5.2)
    bson_ext (1.5.2)
      bson (= 1.5.2)
    builder (3.0.4)
    cancan (1.6.7)
    carrierwave (0.6.2)
      activemodel (>= 3.2.0)
      activesupport (>= 3.2.0)
    carrierwave-mongoid (0.2.2)
      carrierwave (~> 0.6.1)
      mongoid (~> 2.1)
    cells (3.8.8)
      actionpack (>= 3.0)
      railties (>= 3.0)
    chunky_png (1.2.8)
    codemirror-rails (2.36)
      railties (~> 3.0)
    coffee-rails (3.2.2)
      coffee-script (>= 2.2.0)
      railties (~> 3.2.0)
    coffee-script (2.2.0)
      coffee-script-source
      execjs
    coffee-script-source (1.6.2)
    compass (0.12.2)
      chunky_png (~> 1.2)
      fssm (>= 0.2.7)
      sass (~> 3.1)
    compass-rails (1.0.3)
      compass (>= 0.12.2, < 0.14)
    custom_fields (2.1.0)
      activesupport (~> 3.2.9)
      carrierwave-mongoid (~> 0.2.1)
      mongoid (~> 2.4.12)
    daemons (1.1.9)
    devise (2.2.3)
      bcrypt-ruby (~> 3.0)
      orm_adapter (~> 0.1)
      railties (~> 3.1)
      warden (~> 1.2.1)
    devise-encryptable (0.1.1)
      devise (>= 2.1.0.rc)
    dragonfly (0.9.14)
      multi_json (~> 1.0)
      rack
    ejs (1.0.0)
    erubis (2.7.0)
    eventmachine (1.0.3)
    excon (0.13.4)
    execjs (1.4.0)
      multi_json (~> 1.0)
    flash_cookie_session (1.1.4)
      rails (~> 3.0)
    fog (1.3.1)
      builder
      excon (~> 0.13.0)
      formatador (~> 0.2.0)
      mime-types
      multi_json (~> 1.0)
      net-scp (~> 1.0.4)
      net-ssh (>= 2.1.3)
      nokogiri (~> 1.5.0)
      ruby-hmac
    formatador (0.2.4)
    formtastic (2.2.1)
      actionpack (>= 3.0)
    fssm (0.2.10)
    haml (3.1.8)
    heroku-api (0.1.8)
      excon (~> 0.13.3)
    highline (1.6.18)
    hike (1.2.2)
    httparty (0.8.3)
      multi_json (~> 1.0)
      multi_xml
    i18n (0.6.1)
    journey (1.0.4)
    jquery-rails (2.1.4)
      railties (>= 3.0, < 5.0)
      thor (>= 0.14, < 2.0)
    json (1.7.7)
    kaminari (0.13.0)
      actionpack (>= 3.0.0)
      activesupport (>= 3.0.0)
      railties (>= 3.0.0)
    kgio (2.8.0)
    locomotive-aloha-rails (0.23.2.1)
      actionpack (~> 3.2.13)
    locomotive-heroku (0.0.2)
      heroku-api (~> 0.1.0)
      rails (~> 3.2.5)
    locomotive-mongoid-tree (0.6.2)
      mongoid (~> 2.0)
    locomotive-mongoid_migration (0.0.5)
      mongoid (~> 2.4)
      rails (~> 3.2)
    locomotive-tinymce-rails (3.5.8.1)
      actionpack (~> 3.2)
    locomotive_cms (2.0.3)
      RedCloth (~> 4.2.8)
      actionmailer-with-request (~> 0.3.0)
      bson_ext (~> 1.5.2)
      cancan (= 1.6.7)
      carrierwave-mongoid (~> 0.2.2)
      cells (~> 3.8.0)
      codemirror-rails (~> 2.21)
      custom_fields (~> 2.1.0)
      devise (~> 2.2.3)
      devise-encryptable (~> 0.1.1)
      dragonfly (~> 0.9.8)
      flash_cookie_session (~> 1.1.1)
      fog (~> 1.3.1)
      formtastic (~> 2.2.1)
      haml (~> 3.1.7)
      highline (~> 1.6.2)
      httparty (~> 0.8.1)
      jquery-rails (~> 2.1.4)
      kaminari (~> 0.13.0)
      locomotive-aloha-rails (~> 0.23.2.1)
      locomotive-mongoid-tree (~> 0.6.2)
      locomotive-mongoid_migration
      locomotive-tinymce-rails (~> 3.5.8.1)
      locomotive_liquid (~> 2.4.2)
      mimetype-fu (~> 0.1.2)
      mongo (~> 1.5.2)
      mongoid (~> 2.4.12)
      multi_json (~> 1.3.4)
      rack-cache (~> 1.1)
      rails (~> 3.2.13)
      rails-backbone (~> 0.7.2)
      rake (~> 10.0.0)
      responders (~> 0.9.2)
      sanitize (~> 2.0.3)
      stringex (~> 1.5.1)
    locomotive_liquid (2.4.2)
    mail (2.5.3)
      i18n (>= 0.4.0)
      mime-types (~> 1.16)
      treetop (~> 1.4.8)
    mime-types (1.23)
    mimetype-fu (0.1.2)
    mongo (1.5.2)
      bson (= 1.5.2)
    mongoid (2.4.12)
      activemodel (~> 3.1)
      mongo (<= 1.6.2)
      tzinfo (~> 0.3.22)
    multi_json (1.3.7)
    multi_xml (0.5.3)
    net-scp (1.0.4)
      net-ssh (>= 1.99.1)
    net-ssh (2.6.7)
    nokogiri (1.5.9)
    orm_adapter (0.4.0)
    polyglot (0.3.3)
    rack (1.4.5)
    rack-cache (1.2)
      rack (>= 0.4)
    rack-ssl (1.3.3)
      rack
    rack-test (0.6.2)
      rack (>= 1.0)
    rails (3.2.13)
      actionmailer (= 3.2.13)
      actionpack (= 3.2.13)
      activerecord (= 3.2.13)
      activeresource (= 3.2.13)
      activesupport (= 3.2.13)
      bundler (~> 1.0)
      railties (= 3.2.13)
    rails-backbone (0.7.2)
      coffee-script (~> 2.2.0)
      ejs (~> 1.0.0)
      railties (>= 3.1.0)
    railties (3.2.13)
      actionpack (= 3.2.13)
      activesupport (= 3.2.13)
      rack-ssl (~> 1.3.2)
      rake (>= 0.8.7)
      rdoc (~> 3.4)
      thor (>= 0.14.6, < 2.0)
    raindrops (0.11.0)
    rake (10.0.4)
    rdoc (3.12.2)
      json (~> 1.4)
    responders (0.9.3)
      railties (~> 3.1)
    ruby-hmac (0.4.0)
    sanitize (2.0.3)
      nokogiri (>= 1.4.4, < 1.6)
      nokogiri (>= 1.4.4, < 1.6)
    sass (3.2.8)
    sass-rails (3.2.6)
      railties (~> 3.2.0)
      sass (>= 3.1.10)
      tilt (~> 1.3)
    sprockets (2.2.2)
      hike (~> 1.2)
      multi_json (~> 1.0)
      rack (~> 1.0)
      tilt (~> 1.1, != 1.3.0)
    stringex (1.5.1)
    thin (1.5.1)
      daemons (>= 1.0.9)
      eventmachine (>= 0.12.6)
      rack (>= 1.0.0)
    thor (0.18.1)
    tilt (1.3.7)
    treetop (1.4.12)
      polyglot
      polyglot (>= 0.3.1)
    tzinfo (0.3.37)
    uglifier (1.2.7)
      execjs (>= 0.3.0)
      multi_json (~> 1.3)
    unicorn (4.6.2)
      kgio (~> 2.6)
      rack
      raindrops (~> 0.7)
    warden (1.2.1)
      rack (>= 1.0)

PLATFORMS
  ruby

DEPENDENCIES
  coffee-rails (~> 3.2.2)
  compass-rails (~> 1.0.2)
  locomotive-heroku (~> 0.0.2)
  locomotive_cms (~> 2.0.1)
  rails (= 3.2.13)
  sass-rails (~> 3.2.4)
  thin
  uglifier (~> 1.2.4)
  unicorn
